PATH
  remote: BlinkyTape_Ruby
  specs:
    BlinkyTape (0.0.2)
      serialport

GEM
  remote: https://rubygems.org/
  specs:
    color (1.7.1)
    serialport (1.3.1)

PLATFORMS
  ruby

DEPENDENCIES
  BlinkyTape!
  color
