GEM
  remote: https://rubygems.org/
  specs:
    BlinkyTape (0.0.2)
      serialport
    coderay (1.1.2)
    color (1.7.1)
    method_source (0.8.2)
    pry (0.10.4)
      coderay (~> 1.1.0)
      method_source (~> 0.8.1)
      slop (~> 3.4)
    serialport (1.3.1)
    slop (3.6.0)

PLATFORMS
  ruby

DEPENDENCIES
  BlinkyTape
  color
  pry
